Brain Vision Data Exchange Header File Version 1.0
; Data created by the Vision Recorder

[Common Infos]
Codepage=UTF-8
DataFile=240215_hz_ele.eeg
MarkerFile=240215_hz_ele.vmrk
DataFormat=BINARY
; Data orientation: MULTIPLEXED=ch1,pt1, ch2,pt1 ...
DataOrientation=MULTIPLEXED
NumberOfChannels=64
; Sampling interval in microseconds
SamplingInterval=2000

[Binary Infos]
BinaryFormat=INT_16

[Channel Infos]
; Each entry: Ch<Channel number>=<Name>,<Reference channel name>,
; <Resolution in "Unit">,<Unit>, Future extensions..
; Fields are delimited by commas, some fields might be omitted (empty).
; Commas in channel names are coded as "\1".
Ch1=1,,0.1,µV
Ch2=2,,0.1,µV
Ch3=3,,0.1,µV
Ch4=4,,0.1,µV
Ch5=5,,0.1,µV
Ch6=6,,0.1,µV
Ch7=7,,0.1,µV
Ch8=8,,0.1,µV
Ch9=9,,0.1,µV
Ch10=10,,0.1,µV
Ch11=11,,0.1,µV
Ch12=12,,0.1,µV
Ch13=13,,0.1,µV
Ch14=14,,0.1,µV
Ch15=15,,0.1,µV
Ch16=16,,0.1,µV
Ch17=17,,0.1,µV
Ch18=18,,0.1,µV
Ch19=19,,0.1,µV
Ch20=20,,0.1,µV
Ch21=21,,0.1,µV
Ch22=22,,0.1,µV
Ch23=23,,0.1,µV
Ch24=24,,0.1,µV
Ch25=25,,0.1,µV
Ch26=26,,0.1,µV
Ch27=27,,0.1,µV
Ch28=28,,0.1,µV
Ch29=29,,0.1,µV
Ch30=30,,0.1,µV
Ch31=31,,0.1,µV
Ch32=32,,0.1,µV
Ch33=33,,0.1,µV
Ch34=34,,0.1,µV
Ch35=35,,0.1,µV
Ch36=36,,0.1,µV
Ch37=37,,0.1,µV
Ch38=38,,0.1,µV
Ch39=39,,0.1,µV
Ch40=40,,0.1,µV
Ch41=41,,0.1,µV
Ch42=42,,0.1,µV
Ch43=43,,0.1,µV
Ch44=44,,0.1,µV
Ch45=45,,0.1,µV
Ch46=46,,0.1,µV
Ch47=47,,0.1,µV
Ch48=48,,0.1,µV
Ch49=49,,0.1,µV
Ch50=50,,0.1,µV
Ch51=51,,0.1,µV
Ch52=52,,0.1,µV
Ch53=53,,0.1,µV
Ch54=54,,0.1,µV
Ch55=55,,0.1,µV
Ch56=56,,0.1,µV
Ch57=57,,0.1,µV
Ch58=58,,0.1,µV
Ch59=59,,0.1,µV
Ch60=60,,0.1,µV
Ch61=61,,0.1,µV
Ch62=62,,0.1,µV
Ch63=63,,0.1,µV
Ch64=64,,0.1,µV

[Comment]

BrainVision Recorder Professional   -   V. 1.21.0402


A m p l i f i e r  S e t u p
============================
Number of channels: 64
Sampling Rate [Hz]: 500
Sampling Interval [µS]: 2000

Channels
--------
#     Name      Phys. Chn.    Resolution / Unit   Low Cutoff [s]   High Cutoff [Hz]   Notch [Hz]    Series Res. [kOhm] Gradient         Offset
1     1           1                0.1 µV             10             1000              Off                0                 
2     2           2                0.1 µV             10             1000              Off                0                 
3     3           3                0.1 µV             10             1000              Off                0                 
4     4           4                0.1 µV             10             1000              Off                0                 
5     5           5                0.1 µV             10             1000              Off                0                 
6     6           6                0.1 µV             10             1000              Off                0                 
7     7           7                0.1 µV             10             1000              Off                0                 
8     8           8                0.1 µV             10             1000              Off                0                 
9     9           9                0.1 µV             10             1000              Off                0                 
10    10          10               0.1 µV             10             1000              Off                0                 
11    11          11               0.1 µV             10             1000              Off                0                 
12    12          12               0.1 µV             10             1000              Off                0                 
13    13          13               0.1 µV             10             1000              Off                0                 
14    14          14               0.1 µV             10             1000              Off                0                 
15    15          15               0.1 µV             10             1000              Off                0                 
16    16          16               0.1 µV             10             1000              Off                0                 
17    17          17               0.1 µV             10             1000              Off                0                 
18    18          18               0.1 µV             10             1000              Off                0                 
19    19          19               0.1 µV             10             1000              Off                0                 
20    20          20               0.1 µV             10             1000              Off                0                 
21    21          21               0.1 µV             10             1000              Off                0                 
22    22          22               0.1 µV             10             1000              Off                0                 
23    23          23               0.1 µV             10             1000              Off                0                 
24    24          24               0.1 µV             10             1000              Off                0                 
25    25          25               0.1 µV             10             1000              Off                0                 
26    26          26               0.1 µV             10             1000              Off                0                 
27    27          27               0.1 µV             10             1000              Off                0                 
28    28          28               0.1 µV             10             1000              Off                0                 
29    29          29               0.1 µV             10             1000              Off                0                 
30    30          30               0.1 µV             10             1000              Off                0                 
31    31          31               0.1 µV             10             1000              Off                0                 
32    32          32               0.1 µV             10             1000              Off                0                 
33    33          33               0.1 µV             10             1000              Off                0                 
34    34          34               0.1 µV             10             1000              Off                0                 
35    35          35               0.1 µV             10             1000              Off                0                 
36    36          36               0.1 µV             10             1000              Off                0                 
37    37          37               0.1 µV             10             1000              Off                0                 
38    38          38               0.1 µV             10             1000              Off                0                 
39    39          39               0.1 µV             10             1000              Off                0                 
40    40          40               0.1 µV             10             1000              Off                0                 
41    41          41               0.1 µV             10             1000              Off                0                 
42    42          42               0.1 µV             10             1000              Off                0                 
43    43          43               0.1 µV             10             1000              Off                0                 
44    44          44               0.1 µV             10             1000              Off                0                 
45    45          45               0.1 µV             10             1000              Off                0                 
46    46          46               0.1 µV             10             1000              Off                0                 
47    47          47               0.1 µV             10             1000              Off                0                 
48    48          48               0.1 µV             10             1000              Off                0                 
49    49          49               0.1 µV             10             1000              Off                0                 
50    50          50               0.1 µV             10             1000              Off                0                 
51    51          51               0.1 µV             10             1000              Off                0                 
52    52          52               0.1 µV             10             1000              Off                0                 
53    53          53               0.1 µV             10             1000              Off                0                 
54    54          54               0.1 µV             10             1000              Off                0                 
55    55          55               0.1 µV             10             1000              Off                0                 
56    56          56               0.1 µV             10             1000              Off                0                 
57    57          57               0.1 µV             10             1000              Off                0                 
58    58          58               0.1 µV             10             1000              Off                0                 
59    59          59               0.1 µV             10             1000              Off                0                 
60    60          60               0.1 µV             10             1000              Off                0                 
61    61          61               0.1 µV             10             1000              Off                0                 
62    62          62               0.1 µV             10             1000              Off                0                 
63    63          63               0.1 µV             10             1000              Off                0                 
64    64          64               0.1 µV             10             1000              Off                0                 

S o f t w a r e  F i l t e r s
==============================
Disabled


Data Electrodes Selected Impedance Measurement Range: 0 - 50 kOhm
Ground Electrode Selected Impedance Measurement Range: 0 - 10 kOhm
Reference Electrode Selected Impedance Measurement Range: 0 - 10 kOhm
Impedance [kOhm] at 08:53:45 :
1:            0
2:            0
3:            0
4:            0
5:            0
6:            0
7:            0
8:            0
9:            0
10:           0
11:           0
12:           0
13:           0
14:           0
15:           0
16:           0
17:           0
18:           0
19:           0
20:           0
21:           0
22:           0
23:           0
24:           0
25:           0
26:           0
27:           0
28:           0
29:           0
30:           0
31:           0
32:           0
33:           0
34:           0
35:           0
36:           0
37:           0
38:           0
39:           0
40:           0
41:           0
42:           0
43:           0
44:           0
45:           0
46:           0
47:           0
48:           0
49:           0
50:           0
51:           0
52:           0
53:           0
54:           0
55:           0
56:           0
57:           0
58:           0
59:           0
60:           0
61:           0
62:           0
63:           0
64:           0
Ref:          0
Gnd:          0
